GEM
  remote: http://rubygems.org/
  specs:
    diff-lcs (1.2.5)
    json (1.8.3)
    oauth (0.4.7)
    rspec (3.2.0)
      rspec-core (~> 3.2.0)
      rspec-expectations (~> 3.2.0)
      rspec-mocks (~> 3.2.0)
    rspec-core (3.2.2)
      rspec-support (~> 3.2.0)
    rspec-expectations (3.2.0)
      diff-lcs (>= 1.2.0, < 2.0)
      rspec-support (~> 3.2.0)
    rspec-mocks (3.2.1)
      diff-lcs (>= 1.2.0, < 2.0)
      rspec-support (~> 3.2.0)
    rspec-support (3.2.2)
    semantics3 (0.12)
      json (~> 1.8, >= 1.8.1)
      oauth (~> 0.4, >= 0.4.6)

PLATFORMS
  ruby

DEPENDENCIES
  rspec
  semantics3

BUNDLED WITH
   1.10.3
